GEM
  remote: https://rubygems.org/
  specs:
    benchmark-ips (2.5.0)
    minitest (5.8.4)
    rake (10.5.0)

PLATFORMS
  ruby

DEPENDENCIES
  benchmark-ips
  minitest
  rake

BUNDLED WITH
   1.11.2
